PATH
  remote: .
  specs:
    sablon (0.0.14)
      nokogiri (>= 1.6.0)
      redcarpet (>= 3.2)
      rubyzip (>= 1.1)

GEM
  remote: https://rubygems.org/
  specs:
    mini_portile2 (2.5.1)
    minitest (5.6.1)
    nokogiri (1.11.5)
      mini_portile2 (~> 2.5.0)
      racc (~> 1.4)
    racc (1.5.2)
    rake (10.4.2)
    redcarpet (3.2.3)
    rubyzip (1.1.7)
    xml-simple (1.1.5)

PLATFORMS
  ruby

DEPENDENCIES
  bundler (>= 1.6)
  minitest (~> 5.4)
  rake (~> 10.0)
  sablon!
  xml-simple
